PATH
  remote: .
  specs:
    pupistry (1.3.1)
      aws-sdk-v1
      erubis
      r10k
      rufus-scheduler (~> 3)
      safe_yaml
      thor
      whichr

GEM
  remote: https://rubygems.org/
  specs:
    CFPropertyList (2.2.8)
    ast (2.2.0)
    aws-sdk-v1 (1.66.0)
      json (~> 1.4)
      nokogiri (>= 1.4.4)
    colored (1.2)
    cri (2.6.1)
      colored (~> 1.2)
    docile (1.1.5)
    erubis (2.7.0)
    facter (2.4.6)
      CFPropertyList (~> 2.2.6)
    faraday (0.9.2)
      multipart-post (>= 1.2, < 3)
    faraday_middleware (0.9.2)
      faraday (>= 0.7.4, < 0.10)
    faraday_middleware-multi_json (0.0.6)
      faraday_middleware
      multi_json
    hiera (3.0.6)
      json_pure
    json (1.8.3)
    json_pure (1.8.3)
    log4r (1.1.10)
    mini_portile2 (2.0.0)
    minitar (0.5.4)
    minitest (5.8.4)
    multi_json (1.11.2)
    multipart-post (2.0.0)
    nokogiri (1.6.7.2)
      mini_portile2 (~> 2.0.0.rc2)
    os (0.9.6)
    parser (2.3.0.6)
      ast (~> 2.2)
    powerpack (0.1.1)
    puppet (4.3.2)
      facter (> 2.0, < 4)
      hiera (>= 2.0, < 4)
      json_pure
    puppet_forge (2.1.3)
      faraday (~> 0.9.0)
      faraday_middleware (>= 0.9.0, < 0.11.0)
      minitar
      semantic_puppet (~> 0.1.0)
    r10k (2.1.1)
      colored (= 1.2)
      cri (~> 2.6.1)
      faraday (~> 0.9.0)
      faraday_middleware (~> 0.9.0)
      faraday_middleware-multi_json (~> 0.0.6)
      log4r (= 1.1.10)
      minitar
      multi_json (~> 1.10)
      puppet_forge (~> 2.1.1)
      semantic_puppet (~> 0.1.0)
    rainbow (2.1.0)
    rake (10.5.0)
    rubocop (0.37.2)
      parser (>= 2.3.0.4, < 3.0)
      powerpack (~> 0.1)
      rainbow (>= 1.99.1, < 3.0)
      ruby-progressbar (~> 1.7)
      unicode-display_width (~> 0.3)
    ruby-progressbar (1.7.5)
    rufus-scheduler (3.2.0)
    safe_yaml (1.0.4)
    sane (0.25.8)
      os (~> 0)
    semantic_puppet (0.1.1)
    simplecov (0.11.2)
      docile (~> 1.1.0)
      json (~> 1.8)
      simplecov-html (~> 0.10.0)
    simplecov-html (0.10.0)
    thor (0.19.1)
    unicode-display_width (0.3.1)
    whichr (0.3.6)
      sane

PLATFORMS
  ruby

DEPENDENCIES
  bundler (~> 1.9)
  minitest (~> 5.6)
  pupistry!
  puppet
  rake (~> 10.0)
  rubocop
  simplecov (~> 0.10)

BUNDLED WITH
   1.10.6
